PATH
  remote: .
  specs:
    atcrawler_rb (0.1.0)

GEM
  remote: https://rubygems.org/
  specs:
    addressable (2.8.6)
      public_suffix (>= 2.0.2, < 6.0)
    connection_pool (2.4.1)
    domain_name (0.6.20231109)
    http-cookie (1.0.5)
      domain_name (~> 0.5)
    mechanize (2.9.1)
      addressable (~> 2.8)
      domain_name (~> 0.5, >= 0.5.20190701)
      http-cookie (~> 1.0, >= 1.0.3)
      mime-types (~> 3.0)
      net-http-digest_auth (~> 1.4, >= 1.4.1)
      net-http-persistent (>= 2.5.2, < 5.0.dev)
      nokogiri (~> 1.11, >= 1.11.2)
      rubyntlm (~> 0.6, >= 0.6.3)
      webrick (~> 1.7)
      webrobots (~> 0.1.2)
    mime-types (3.5.1)
      mime-types-data (~> 3.2015)
    mime-types-data (3.2023.1205)
    net-http-digest_auth (1.4.1)
    net-http-persistent (4.0.2)
      connection_pool (~> 2.2)
    nokogiri (1.16.0-x86_64-linux)
      racc (~> 1.4)
    power_assert (2.0.3)
    public_suffix (5.0.4)
    racc (1.7.3)
    rake (13.1.0)
    rubyntlm (0.6.3)
    test-unit (3.6.1)
      power_assert
    webrick (1.8.1)
    webrobots (0.1.2)

PLATFORMS
  x86_64-linux

DEPENDENCIES
  atcrawler_rb!
  mechanize (~> 2.9.1)
  rake (~> 13.0)
  test-unit (~> 3.0)

BUNDLED WITH
   2.4.20
